PATH
  remote: .
  specs:
    platform-api (2.2.0)
      heroics (~> 0.1.1)
      moneta (~> 1.0.0)

GEM
  remote: https://rubygems.org/
  specs:
    addressable (2.7.0)
      public_suffix (>= 2.0.2, < 5.0)
    coderay (1.1.2)
    crack (0.4.3)
      safe_yaml (~> 1.0.0)
    diff-lcs (1.3)
    erubis (2.7.0)
    excon (0.67.0)
    hashdiff (1.0.0)
    heroics (0.1.1)
      erubis (~> 2.0)
      excon
      moneta
      multi_json (>= 1.9.2)
    method_source (0.9.0)
    moneta (1.0.0)
    multi_json (1.14.1)
    netrc (0.11.0)
    pry (0.11.3)
      coderay (~> 1.1.0)
      method_source (~> 0.9.0)
    public_suffix (4.0.1)
    rake (12.3.1)
    rspec (3.8.0)
      rspec-core (~> 3.8.0)
      rspec-expectations (~> 3.8.0)
      rspec-mocks (~> 3.8.0)
    rspec-core (3.8.0)
      rspec-support (~> 3.8.0)
    rspec-expectations (3.8.1)
      diff-lcs (>= 1.2.0, < 2.0)
      rspec-support (~> 3.8.0)
    rspec-mocks (3.8.0)
      diff-lcs (>= 1.2.0, < 2.0)
      rspec-support (~> 3.8.0)
    rspec-support (3.8.0)
    safe_yaml (1.0.5)
    webmock (3.7.6)
      addressable (>= 2.3.6)
      crack (>= 0.3.2)
      hashdiff (>= 0.4.0, < 2.0.0)
    yard (0.9.16)

PLATFORMS
  ruby

DEPENDENCIES
  bundler
  netrc
  platform-api!
  pry
  rake
  rspec
  webmock
  yard

BUNDLED WITH
   1.17.2
